GEM
  remote: https://rubygems.org/
  specs:
    adsf (1.1.1)
      rack (>= 1.0.0)
    coderay (1.0.9)
    colored (1.2)
    cri (2.4.0)
      colored (>= 1.2)
    kramdown (1.2.0)
    method_source (0.8.2)
    nanoc (3.6.5)
      cri (~> 2.3)
    pry (0.9.12.2)
      coderay (~> 1.0.5)
      method_source (~> 0.8)
      slop (~> 3.4)
    rack (1.5.2)
    slop (3.4.6)

PLATFORMS
  ruby

DEPENDENCIES
  adsf
  kramdown
  nanoc
  pry
