GEM
  remote: https://rubygems.org/
  specs:
    adsf (1.1.1)
      rack (>= 1.0.0)
    builder (3.2.2)
    coderay (1.0.9)
    colored (1.2)
    cri (2.4.0)
      colored (>= 1.2)
    method_source (0.8.2)
    nanoc (3.6.5)
      cri (~> 2.3)
    pry (0.9.12.2)
      coderay (~> 1.0.5)
      method_source (~> 0.8)
      slop (~> 3.4)
    rack (1.5.2)
    redcarpet (3.4.0)
    slop (3.4.6)

PLATFORMS
  ruby

DEPENDENCIES
  adsf
  builder
  nanoc
  pry
  redcarpet

BUNDLED WITH
   1.16.1
